PATH
  remote: .
  specs:
    kerby (0.1.0)
      thor

GEM
  remote: https://rubygems.org/
  specs:
    byebug (11.1.3)
    minitest (5.14.0)
    rake (12.3.3)
    thor (1.0.1)

PLATFORMS
  ruby

DEPENDENCIES
  byebug
  kerby!
  minitest (~> 5.0)
  rake (~> 12.0)

BUNDLED WITH
   2.1.2
